BrainVision Data Exchange Header File Version 1.0
; Data created by the BrainVision Recorder

[Common Infos]
Codepage=UTF-8
DataFile=Cognitive_Assessment_Oddball_1041.eeg
MarkerFile=Cognitive_Assessment_Oddball_1041.vmrk
DataFormat=BINARY
; Data orientation: MULTIPLEXED=ch1,pt1, ch2,pt1 ...
DataOrientation=MULTIPLEXED
NumberOfChannels=63
; Sampling interval in microseconds
SamplingInterval=2000

[Binary Infos]
BinaryFormat=IEEE_FLOAT_32

[Channel Infos]
; Each entry: Ch<Channel number>=<Name>,<Reference channel name>,
; <Resolution in "Unit">,<Unit>, Future extensions..
; Fields are delimited by commas, some fields might be omitted (empty).
; Commas in channel names are coded as "\1".
Ch1=Fp1,,0.0488281,µV
Ch2=Fz,,0.0488281,µV
Ch3=F3,,0.0488281,µV
Ch4=F7,,0.0488281,µV
Ch5=FC5,,0.0488281,µV
Ch6=FC1,,0.0488281,µV
Ch7=Cz,,0.0488281,µV
Ch8=C3,,0.0488281,µV
Ch9=T7,,0.0488281,µV
Ch10=TP9,,0.0488281,µV
Ch11=CP5,,0.0488281,µV
Ch12=CP1,,0.0488281,µV
Ch13=Pz,,0.0488281,µV
Ch14=P3,,0.0488281,µV
Ch15=P7,,0.0488281,µV
Ch16=O1,,0.0488281,µV
Ch17=POz,,0.0488281,µV
Ch18=O2,,0.0488281,µV
Ch19=P4,,0.0488281,µV
Ch20=P8,,0.0488281,µV
Ch21=TP10,,0.0488281,µV
Ch22=CP6,,0.0488281,µV
Ch23=CP2,,0.0488281,µV
Ch24=C4,,0.0488281,µV
Ch25=T8,,0.0488281,µV
Ch26=FC6,,0.0488281,µV
Ch27=FC2,,0.0488281,µV
Ch28=FCz,,0.0488281,µV
Ch29=F4,,0.0488281,µV
Ch30=F8,,0.0488281,µV
Ch31=Fp2,,0.0488281,µV
Ch32=AF7,,0.0488281,µV
Ch33=AF3,,0.0488281,µV
Ch34=F1,,0.0488281,µV
Ch35=F5,,0.0488281,µV
Ch36=FT9,,0.0488281,µV
Ch37=FT7,,0.0488281,µV
Ch38=FC3,,0.0488281,µV
Ch39=C1,,0.0488281,µV
Ch40=C5,,0.0488281,µV
Ch41=TP7,,0.0488281,µV
Ch42=CP3,,0.0488281,µV
Ch43=P1,,0.0488281,µV
Ch44=P5,,0.0488281,µV
Ch45=PO7,,0.0488281,µV
Ch46=PO3,,0.0488281,µV
Ch47=Oz,,0.0488281,µV
Ch48=PO8,,0.0488281,µV
Ch49=PO4,,0.0488281,µV
Ch50=P2,,0.0488281,µV
Ch51=P6,,0.0488281,µV
Ch52=TP8,,0.0488281,µV
Ch53=CP4,,0.0488281,µV
Ch54=CPz,,0.0488281,µV
Ch55=C2,,0.0488281,µV
Ch56=C6,,0.0488281,µV
Ch57=FT10,,0.0488281,µV
Ch58=FT8,,0.0488281,µV
Ch59=FC4,,0.0488281,µV
Ch60=F2,,0.0488281,µV
Ch61=F6,,0.0488281,µV
Ch62=AF8,,0.0488281,µV
Ch63=AF4,,0.0488281,µV

[Comment]

BrainVision Recorder Professional   -   V. 1.23.0003


A m p l i f i e r  S e t u p
============================
Number of channels: 63
Sampling Rate [Hz]: 500
Sampling Interval [µS]: 2000

Channels
--------
#     Name      Phys. Chn.    Resolution / Unit   Low Cutoff [s]   High Cutoff [Hz]   Notch [Hz]    Gradient         Offset
1     Fp1         1          0.0488281 µV             DC              140              Off
2     Fz          2          0.0488281 µV             DC              140              Off
3     F3          3          0.0488281 µV             DC              140              Off
4     F7          4          0.0488281 µV             DC              140              Off
5     FC5         5          0.0488281 µV             DC              140              Off
6     FC1         6          0.0488281 µV             DC              140              Off
7     Cz          7          0.0488281 µV             DC              140              Off
8     C3          8          0.0488281 µV             DC              140              Off
9     T7          9          0.0488281 µV             DC              140              Off
10    TP9         10         0.0488281 µV             DC              140              Off
11    CP5         11         0.0488281 µV             DC              140              Off
12    CP1         12         0.0488281 µV             DC              140              Off
13    Pz          13         0.0488281 µV             DC              140              Off
14    P3          14         0.0488281 µV             DC              140              Off
15    P7          15         0.0488281 µV             DC              140              Off
16    O1          16         0.0488281 µV             DC              140              Off
17    POz         17         0.0488281 µV             DC              140              Off
18    O2          18         0.0488281 µV             DC              140              Off
19    P4          19         0.0488281 µV             DC              140              Off
20    P8          20         0.0488281 µV             DC              140              Off
21    TP10        21         0.0488281 µV             DC              140              Off
22    CP6         22         0.0488281 µV             DC              140              Off
23    CP2         23         0.0488281 µV             DC              140              Off
24    C4          24         0.0488281 µV             DC              140              Off
25    T8          25         0.0488281 µV             DC              140              Off
26    FC6         26         0.0488281 µV             DC              140              Off
27    FC2         27         0.0488281 µV             DC              140              Off
28    FCz         28         0.0488281 µV             DC              140              Off
29    F4          29         0.0488281 µV             DC              140              Off
30    F8          30         0.0488281 µV             DC              140              Off
31    Fp2         32         0.0488281 µV             DC              140              Off
32    AF7         33         0.0488281 µV             DC              140              Off
33    AF3         34         0.0488281 µV             DC              140              Off
34    F1          35         0.0488281 µV             DC              140              Off
35    F5          36         0.0488281 µV             DC              140              Off
36    FT9         37         0.0488281 µV             DC              140              Off
37    FT7         38         0.0488281 µV             DC              140              Off
38    FC3         39         0.0488281 µV             DC              140              Off
39    C1          40         0.0488281 µV             DC              140              Off
40    C5          41         0.0488281 µV             DC              140              Off
41    TP7         42         0.0488281 µV             DC              140              Off
42    CP3         43         0.0488281 µV             DC              140              Off
43    P1          44         0.0488281 µV             DC              140              Off
44    P5          45         0.0488281 µV             DC              140              Off
45    PO7         46         0.0488281 µV             DC              140              Off
46    PO3         47         0.0488281 µV             DC              140              Off
47    Oz          48         0.0488281 µV             DC              140              Off
48    PO8         49         0.0488281 µV             DC              140              Off
49    PO4         50         0.0488281 µV             DC              140              Off
50    P2          51         0.0488281 µV             DC              140              Off
51    P6          52         0.0488281 µV             DC              140              Off
52    TP8         53         0.0488281 µV             DC              140              Off
53    CP4         54         0.0488281 µV             DC              140              Off
54    CPz         55         0.0488281 µV             DC              140              Off
55    C2          56         0.0488281 µV             DC              140              Off
56    C6          57         0.0488281 µV             DC              140              Off
57    FT10        58         0.0488281 µV             DC              140              Off
58    FT8         59         0.0488281 µV             DC              140              Off
59    FC4         60         0.0488281 µV             DC              140              Off
60    F2          61         0.0488281 µV             DC              140              Off
61    F6          62         0.0488281 µV             DC              140              Off
62    AF8         63         0.0488281 µV             DC              140              Off
63    AF4         64         0.0488281 µV             DC              140              Off

Reference Channel Name = AFz
Reference Phys. Chn.   = 31
Use active/dry Electrodes = Yes 
Good Level [kOhms]     = 10
Bad Level [kOhms]      = 50
MY-Button Workspace    = C:\Vision\Workfiles\MYButton

Amplifier 
actiCHamp Base Unit (5002) 
  --- S/N 20010208 --- 

actiCHamp 32 CH Module
  --- Module 1 (5011): S/N 20010409 ---
  --- Module 2 (5011): S/N 20010410 ---
Version: DLL_27.18.06.25, DRV_03.04.01.146, CTRL_104.18.06.25, FPGA_67.00.00.00, DSP_105.19.02.27 


S o f t w a r e  F i l t e r s
==============================
Disabled


No impedance values available at 16:34:32!
